GEM
  remote: https://rubygems.org/
  specs:
    coderay (1.1.0)
    connection_pool (1.2.0)
    couchbase (1.3.6)
      connection_pool (~> 1.0, >= 1.0.0)
      multi_json (~> 1.0)
      yaji (~> 0.3, >= 0.3.2)
    daemons (1.1.9)
    dotenv (0.10.0)
    eventmachine (1.0.3)
    mail (2.5.4)
      mime-types (~> 1.16)
      treetop (~> 1.4.8)
    method_source (0.8.2)
    mime-types (1.23)
    minitest (5.2.1)
    multi_json (1.8.4)
    polyglot (0.3.3)
    pry (0.9.12.6)
      coderay (~> 1.0)
      method_source (~> 0.8)
      slop (~> 3.4)
    rack (1.5.2)
    rack-protection (1.5.2)
      rack
    rake (10.1.1)
    shotgun (0.9)
      rack (>= 1.0)
    sinatra (1.4.4)
      rack (~> 1.4)
      rack-protection (~> 1.4)
      tilt (~> 1.3, >= 1.3.4)
    sinatra-twitter-bootstrap (2.3.3)
    slop (3.4.7)
    thin (1.6.1)
      daemons (>= 1.0.9)
      eventmachine (>= 1.0.0)
      rack (>= 1.0.0)
    tilt (1.4.1)
    treetop (1.4.14)
      polyglot
      polyglot (>= 0.3.1)
    yaji (0.3.5)

PLATFORMS
  ruby

DEPENDENCIES
  couchbase
  dotenv
  mail
  minitest
  pry
  rake
  shotgun
  sinatra
  sinatra-twitter-bootstrap
  thin
